GEM
  remote: https://rubygems.org/
  specs:
    Ascii85 (1.0.2)
    afm (0.2.2)
    diff-lcs (1.3)
    hashery (2.1.2)
    pdf-reader (2.0.0)
      Ascii85 (~> 1.0.0)
      afm (~> 0.2.1)
      hashery (~> 2.0)
      ruby-rc4
      ttfunk
    rspec (3.6.0)
      rspec-core (~> 3.6.0)
      rspec-expectations (~> 3.6.0)
      rspec-mocks (~> 3.6.0)
    rspec-core (3.6.0)
      rspec-support (~> 3.6.0)
    rspec-expectations (3.6.0)
      diff-lcs (>= 1.2.0, < 2.0)
      rspec-support (~> 3.6.0)
    rspec-mocks (3.6.0)
      diff-lcs (>= 1.2.0, < 2.0)
      rspec-support (~> 3.6.0)
    rspec-support (3.6.0)
    ruby-progressbar (1.8.1)
    ruby-rc4 (0.1.5)
    ttfunk (1.5.1)

PLATFORMS
  ruby

DEPENDENCIES
  pdf-reader
  rspec
  ruby-progressbar

RUBY VERSION
   ruby 2.4.0p0

BUNDLED WITH
   1.15.1
